GIT
  remote: https://github.com/wit-ai/wit-ruby
  revision: de85e85cb0da7d41615f0838541e0d54dbbccfe2
  branch: master
  specs:
    wit (7.0.0)

GEM
  remote: https://rubygems.org/
  specs:
    actioncable (6.1.4.1)
      actionpack (= 6.1.4.1)
      activesupport (= 6.1.4.1)
      nio4r (~> 2.0)
      websocket-driver (>= 0.6.1)
    actionmailbox (6.1.4.1)
      actionpack (= 6.1.4.1)
      activejob (= 6.1.4.1)
      activerecord (= 6.1.4.1)
      activestorage (= 6.1.4.1)
      activesupport (= 6.1.4.1)
      mail (>= 2.7.1)
    actionmailer (6.1.4.1)
      actionpack (= 6.1.4.1)
      actionview (= 6.1.4.1)
      activejob (= 6.1.4.1)
      activesupport (= 6.1.4.1)
      mail (~> 2.5, >= 2.5.4)
      rails-dom-testing (~> 2.0)
    actionpack (6.1.4.1)
      actionview (= 6.1.4.1)
      activesupport (= 6.1.4.1)
      rack (~> 2.0, >= 2.0.9)
      rack-test (>= 0.6.3)
      rails-dom-testing (~> 2.0)
      rails-html-sanitizer (~> 1.0, >= 1.2.0)
    actiontext (6.1.4.1)
      actionpack (= 6.1.4.1)
      activerecord (= 6.1.4.1)
      activestorage (= 6.1.4.1)
      activesupport (= 6.1.4.1)
      nokogiri (>= 1.8.5)
    actionview (6.1.4.1)
      activesupport (= 6.1.4.1)
      builder (~> 3.1)
      erubi (~> 1.4)
      rails-dom-testing (~> 2.0)
      rails-html-sanitizer (~> 1.1, >= 1.2.0)
    activejob (6.1.4.1)
      activesupport (= 6.1.4.1)
      globalid (>= 0.3.6)
    activemodel (6.1.4.1)
      activesupport (= 6.1.4.1)
    activemodel-serializers-xml (1.0.2)
      activemodel (> 5.x)
      activesupport (> 5.x)
      builder (~> 3.1)
    activerecord (6.1.4.1)
      activemodel (= 6.1.4.1)
      activesupport (= 6.1.4.1)
    activestorage (6.1.4.1)
      actionpack (= 6.1.4.1)
      activejob (= 6.1.4.1)
      activerecord (= 6.1.4.1)
      activesupport (= 6.1.4.1)
      marcel (~> 1.0.0)
      mini_mime (>= 1.1.0)
    activesupport (6.1.4.1)
      concurrent-ruby (~> 1.0, >= 1.0.2)
      i18n (>= 1.6, < 2)
      minitest (>= 5.1)
      tzinfo (~> 2.0)
      zeitwerk (~> 2.3)
    addressable (2.8.0)
      public_suffix (>= 2.0.2, < 5.0)
    angular_rails_csrf (4.5.0)
      railties (>= 3, < 7)
    apipie-rails (0.5.19)
      rails (>= 4.1)
    apitome (0.3.0)
      kramdown
      railties
    ast (2.4.2)
    bcrypt (3.1.16)
    bindex (0.8.1)
    builder (3.2.4)
    byebug (11.1.3)
    capybara (2.18.0)
      addressable
      mini_mime (>= 0.1.3)
      nokogiri (>= 1.3.3)
      rack (>= 1.0.0)
      rack-test (>= 0.5.4)
      xpath (>= 2.0, < 4.0)
    childprocess (4.1.0)
    choice (0.2.0)
    city-state (0.1.0)
      rubyzip (>= 1.1)
    coffee-rails (4.2.2)
      coffee-script (>= 2.2.0)
      railties (>= 4.0.0)
    coffee-script (2.4.1)
      coffee-script-source
      execjs
    coffee-script-source (1.12.2)
    concurrent-ruby (1.1.9)
    crack (0.4.5)
      rexml
    crass (1.0.6)
    database_cleaner (2.0.1)
      database_cleaner-active_record (~> 2.0.0)
    database_cleaner-active_record (2.0.1)
      activerecord (>= 5.a)
      database_cleaner-core (~> 2.0.0)
    database_cleaner-core (2.0.1)
    devise (4.8.0)
      bcrypt (~> 3.0)
      orm_adapter (~> 0.1)
      railties (>= 4.1.0)
      responders
      warden (~> 1.2.3)
    devise_token_auth (1.2.0)
      bcrypt (~> 3.0)
      devise (> 3.5.2, < 5)
      rails (>= 4.2.0, < 6.2)
    diff-lcs (1.4.4)
    domain_name (0.5.20190701)
      unf (>= 0.0.5, < 1.0.0)
    dotenv (2.7.6)
    dotenv-rails (2.7.6)
      dotenv (= 2.7.6)
      railties (>= 3.2)
    erubi (1.10.0)
    execjs (2.8.1)
    factory_girl (4.9.0)
      activesupport (>= 3.0.0)
    factory_girl_rails (4.9.0)
      factory_girl (~> 4.9.0)
      railties (>= 3.0.0)
    faker (2.19.0)
      i18n (>= 1.6, < 2)
    ffi (1.15.4)
    globalid (0.5.2)
      activesupport (>= 5.0)
    haml (5.2.2)
      temple (>= 0.8.0)
      tilt
    hashdiff (1.0.1)
    http-accept (1.7.0)
    http-cookie (1.0.4)
      domain_name (~> 0.5)
    i18n (1.8.10)
      concurrent-ruby (~> 1.0)
    jbuilder (2.11.2)
      activesupport (>= 5.0.0)
    jquery-rails (4.4.0)
      rails-dom-testing (>= 1, < 3)
      railties (>= 4.2.0)
      thor (>= 0.14, < 2.0)
    jquery-ui-rails (6.0.1)
      railties (>= 3.2.16)
    jwt (2.3.0)
    kaminari (1.2.1)
      activesupport (>= 4.1.0)
      kaminari-actionview (= 1.2.1)
      kaminari-activerecord (= 1.2.1)
      kaminari-core (= 1.2.1)
    kaminari-actionview (1.2.1)
      actionview
      kaminari-core (= 1.2.1)
    kaminari-activerecord (1.2.1)
      activerecord
      kaminari-core (= 1.2.1)
    kaminari-core (1.2.1)
    kramdown (2.3.1)
      rexml
    listen (3.1.5)
      rb-fsevent (~> 0.9, >= 0.9.4)
      rb-inotify (~> 0.9, >= 0.9.7)
      ruby_dep (~> 1.2)
    loofah (2.12.0)
      crass (~> 1.0.2)
      nokogiri (>= 1.5.9)
    mail (2.7.1)
      mini_mime (>= 0.1.1)
    marcel (1.0.2)
    method_source (1.0.0)
    mime-types (3.3.1)
      mime-types-data (~> 3.2015)
    mime-types-data (3.2021.0901)
    mini_mime (1.1.2)
    mini_portile2 (2.6.1)
    minitest (5.14.4)
    mustache (1.1.1)
    nested_form (0.3.2)
    netrc (0.11.0)
    nio4r (2.5.8)
    nokogiri (1.12.5)
      mini_portile2 (~> 2.6.1)
      racc (~> 1.4)
    orm_adapter (0.5.0)
    parallel (1.21.0)
    parser (3.0.2.0)
      ast (~> 2.4.1)
    pg (1.2.3)
    pg_search (2.3.5)
      activerecord (>= 5.2)
      activesupport (>= 5.2)
    public_suffix (4.0.6)
    puma (4.3.12)
      nio4r (~> 2.0)
    racc (1.6.0)
    rack (2.2.3)
    rack-cors (1.1.1)
      rack (>= 2.0.0)
    rack-pjax (1.1.0)
      nokogiri (~> 1.5)
      rack (>= 1.1)
    rack-test (1.1.0)
      rack (>= 1.0, < 3)
    rails (6.1.4.1)
      actioncable (= 6.1.4.1)
      actionmailbox (= 6.1.4.1)
      actionmailer (= 6.1.4.1)
      actionpack (= 6.1.4.1)
      actiontext (= 6.1.4.1)
      actionview (= 6.1.4.1)
      activejob (= 6.1.4.1)
      activemodel (= 6.1.4.1)
      activerecord (= 6.1.4.1)
      activestorage (= 6.1.4.1)
      activesupport (= 6.1.4.1)
      bundler (>= 1.15.0)
      railties (= 6.1.4.1)
      sprockets-rails (>= 2.0.0)
    rails-dom-testing (2.0.3)
      activesupport (>= 4.2.0)
      nokogiri (>= 1.6)
    rails-erd (1.6.1)
      activerecord (>= 4.2)
      activesupport (>= 4.2)
      choice (~> 0.2.0)
      ruby-graphviz (~> 1.2)
    rails-html-sanitizer (1.4.2)
      loofah (~> 2.3)
    rails_admin (2.2.1)
      activemodel-serializers-xml (>= 1.0)
      builder (~> 3.1)
      haml (>= 4.0, < 6)
      jquery-rails (>= 3.0, < 5)
      jquery-ui-rails (>= 5.0, < 7)
      kaminari (>= 0.14, < 2.0)
      nested_form (~> 0.3)
      rack-pjax (>= 0.7)
      rails (>= 5.0, < 7)
      remotipart (~> 1.3)
      sassc-rails (>= 1.3, < 3)
    railties (6.1.4.1)
      actionpack (= 6.1.4.1)
      activesupport (= 6.1.4.1)
      method_source
      rake (>= 0.13)
      thor (~> 1.0)
    rainbow (3.0.0)
    rake (13.0.6)
    rb-fsevent (0.11.0)
    rb-inotify (0.10.1)
      ffi (~> 1.0)
    regexp_parser (2.1.1)
    remotipart (1.4.4)
    responders (3.0.1)
      actionpack (>= 5.0)
      railties (>= 5.0)
    rest-client (2.1.0)
      http-accept (>= 1.7.0, < 2.0)
      http-cookie (>= 1.0.2, < 2.0)
      mime-types (>= 1.16, < 4.0)
      netrc (~> 0.8)
    rexml (3.2.5)
    rspec (3.10.0)
      rspec-core (~> 3.10.0)
      rspec-expectations (~> 3.10.0)
      rspec-mocks (~> 3.10.0)
    rspec-core (3.10.1)
      rspec-support (~> 3.10.0)
    rspec-expectations (3.10.1)
      diff-lcs (>= 1.2.0, < 2.0)
      rspec-support (~> 3.10.0)
    rspec-mocks (3.10.2)
      diff-lcs (>= 1.2.0, < 2.0)
      rspec-support (~> 3.10.0)
    rspec-rails (5.0.2)
      actionpack (>= 5.2)
      activesupport (>= 5.2)
      railties (>= 5.2)
      rspec-core (~> 3.10)
      rspec-expectations (~> 3.10)
      rspec-mocks (~> 3.10)
      rspec-support (~> 3.10)
    rspec-support (3.10.2)
    rspec_api_documentation (6.1.0)
      activesupport (>= 3.0.0)
      mustache (~> 1.0, >= 0.99.4)
      rspec (~> 3.0)
    rubocop (1.22.2)
      parallel (~> 1.10)
      parser (>= 3.0.0.0)
      rainbow (>= 2.2.2, < 4.0)
      regexp_parser (>= 1.8, < 3.0)
      rexml
      rubocop-ast (>= 1.12.0, < 2.0)
      ruby-progressbar (~> 1.7)
      unicode-display_width (>= 1.4.0, < 3.0)
    rubocop-ast (1.12.0)
      parser (>= 3.0.1.1)
    rubocop-performance (1.11.5)
      rubocop (>= 1.7.0, < 2.0)
      rubocop-ast (>= 0.4.0)
    rubocop-rails (2.12.4)
      activesupport (>= 4.2.0)
      rack (>= 1.1)
      rubocop (>= 1.7.0, < 2.0)
    ruby-graphviz (1.2.5)
      rexml
    ruby-progressbar (1.11.0)
    ruby-units (2.3.2)
    ruby_dep (1.5.0)
    rubyzip (2.3.2)
    sass (3.7.4)
      sass-listen (~> 4.0.0)
    sass-listen (4.0.0)
      rb-fsevent (~> 0.9, >= 0.9.4)
      rb-inotify (~> 0.9, >= 0.9.7)
    sass-rails (5.1.0)
      railties (>= 5.2.0)
      sass (~> 3.1)
      sprockets (>= 2.8, < 4.0)
      sprockets-rails (>= 2.0, < 4.0)
      tilt (>= 1.1, < 3)
    sassc (2.4.0)
      ffi (~> 1.9)
    sassc-rails (2.1.2)
      railties (>= 4.0.0)
      sassc (>= 2.0)
      sprockets (> 3.0)
      sprockets-rails
      tilt
    selenium-webdriver (4.0.3)
      childprocess (>= 0.5, < 5.0)
      rexml (~> 3.2, >= 3.2.5)
      rubyzip (>= 1.2.2)
    spring (2.1.1)
    spring-watcher-listen (2.0.1)
      listen (>= 2.7, < 4.0)
      spring (>= 1.2, < 3.0)
    sprockets (3.7.2)
      concurrent-ruby (~> 1.0)
      rack (> 1, < 3)
    sprockets-rails (3.2.2)
      actionpack (>= 4.0)
      activesupport (>= 4.0)
      sprockets (>= 3.0.0)
    temple (0.8.2)
    thor (1.1.0)
    tilt (2.0.10)
    turbolinks (5.2.1)
      turbolinks-source (~> 5.2)
    turbolinks-source (5.2.0)
    tzinfo (2.0.4)
      concurrent-ruby (~> 1.0)
    uglifier (4.2.0)
      execjs (>= 0.3.0, < 3)
    unf (0.1.4)
      unf_ext
    unf_ext (0.0.8)
    unicode-display_width (2.1.0)
    vcr (6.0.0)
    warden (1.2.9)
      rack (>= 2.0.9)
    web-console (4.1.0)
      actionview (>= 6.0.0)
      activemodel (>= 6.0.0)
      bindex (>= 0.4.0)
      railties (>= 6.0.0)
    webmock (3.7.6)
      addressable (>= 2.3.6)
      crack (>= 0.3.2)
      hashdiff (>= 0.4.0, < 2.0.0)
    websocket-driver (0.7.5)
      websocket-extensions (>= 0.1.0)
    websocket-extensions (0.1.5)
    xpath (3.2.0)
      nokogiri (~> 1.8)
    zeitwerk (2.5.1)

PLATFORMS
  ruby

DEPENDENCIES
  angular_rails_csrf
  apipie-rails
  apitome
  byebug
  capybara (~> 2.13)
  city-state
  coffee-rails (~> 4.2)
  database_cleaner
  devise
  devise_token_auth
  dotenv-rails
  factory_girl_rails
  faker
  jbuilder (~> 2.5)
  jquery-rails
  jwt
  listen (>= 3.0.5, < 3.2)
  mustache (~> 1.0)
  pg (>= 0.18, < 2.0)
  pg_search
  puma (~> 4.3)
  rack-cors
  rails (~> 6.1.4)
  rails-erd
  rails_admin (~> 2.2.1)
  rest-client
  rspec-rails
  rspec_api_documentation
  rubocop-performance (~> 1.5)
  rubocop-rails (~> 2.4)
  ruby-units
  sass-rails (~> 5.0)
  selenium-webdriver
  spring
  spring-watcher-listen (~> 2.0.0)
  turbolinks (~> 5)
  tzinfo-data
  uglifier (>= 1.3.0)
  vcr
  web-console (>= 3.3.0)
  webmock (~> 3.7.6)
  wit (~> 7.0)!

RUBY VERSION
   ruby 2.6.5p114

BUNDLED WITH
   1.17.3
